GEM
  remote: https://rubygems.org/
  specs:
    mysql2 (0.3.15)
    pg (0.17.1)
    rack (1.4.1)
    rack-protection (1.2.0)
      rack
    sequel (3.40.0)
    shotgun (0.9)
      rack (>= 1.0)
    sinatra (1.3.3)
      rack (~> 1.3, >= 1.3.6)
      rack-protection (~> 1.2)
      tilt (~> 1.3, >= 1.3.3)
    tilt (1.3.3)

PLATFORMS
  ruby

DEPENDENCIES
  mysql2
  pg
  sequel
  shotgun
  sinatra
